PATH
  remote: .
  specs:
    serienrenamer (0.2.0)
      hashconfig (>= 0.0.1)
      highline (>= 1.6.11)
      wlapi (>= 0.8.5)

GEM
  remote: https://rubygems.org/
  specs:
    akami (1.2.1)
      gyoku (>= 0.4.0)
      nokogiri
    builder (3.2.2)
    fakeweb (1.3.0)
    gyoku (1.1.1)
      builder (>= 2.1.2)
    hash-deep-merge (0.1.1)
    hashconfig (0.0.2)
      hash-deep-merge
    highline (1.6.21)
    httpi (2.1.0)
      rack
      rubyntlm (~> 0.3.2)
    mime-types (1.25.1)
    mini_portile (0.5.2)
    nokogiri (1.6.1)
      mini_portile (~> 0.5.0)
    nori (2.3.0)
    rack (1.5.2)
    rake (10.1.1)
    rubyntlm (0.3.4)
    savon (2.3.3)
      akami (~> 1.2.0)
      builder (>= 2.1.2)
      gyoku (~> 1.1.0)
      httpi (~> 2.1.0)
      nokogiri (>= 1.4.0)
      nori (~> 2.3.0)
      wasabi (~> 3.2.2)
    vcr (2.8.0)
    wasabi (3.2.3)
      httpi (~> 2.0)
      mime-types (< 2.0.0)
      nokogiri (>= 1.4.0)
    wlapi (0.8.5)
      savon (~> 2.1)

PLATFORMS
  ruby

DEPENDENCIES
  fakeweb
  rake
  serienrenamer!
  vcr (~> 2.4)
